GEM
  remote: https://rubygems.org/
  specs:
    gli (2.13.4)

PLATFORMS
  ruby

DEPENDENCIES
  gli

BUNDLED WITH
   1.11.2
